GEM
  remote: http://rubygems.org/
  specs:
    builder (3.1.4)
    commander (4.1.6)
      highline (~> 1.6.11)
    highline (1.6.21)
    httparty (0.18.1)
      mime-types (~> 3.0)
      multi_xml (>= 0.5.2)
    libxml-ruby (2.7.0)
    mime-types (3.3.1)
      mime-types-data (~> 3.2015)
    mime-types-data (3.2020.0512)
    mini_portile2 (2.1.0)
    multi_xml (0.6.0)
    nokogiri (1.6.8.1)
      mini_portile2 (~> 2.1.0)
    rb-dayone (0.7.1)
      builder (~> 3.1.0)
      commander (~> 4.1.2)
      libxml-ruby (~> 2.7.0)
      nokogiri (~> 1.6.0)

PLATFORMS
  ruby

DEPENDENCIES
  httparty
  rb-dayone
